GEM
  remote: https://rubygems.org/
  specs:
    aws-sdk (1.53.0)
      aws-sdk-v1 (= 1.53.0)
    aws-sdk-v1 (1.53.0)
      json (~> 1.4)
      nokogiri (>= 1.4.4)
    ec2ssh (2.0.7)
      aws-sdk (~> 1.8)
      highline (~> 1.6)
      thor (~> 0.14)
    highline (1.6.21)
    json (1.8.1)
    mini_portile (0.6.0)
    nokogiri (1.6.3.1)
      mini_portile (= 0.6.0)
    thor (0.19.1)

PLATFORMS
  ruby

DEPENDENCIES
  aws-sdk
  ec2ssh
